GEM
  remote: https://rubygems.org/
  specs:
    colorize (0.8.1)
    docopt (0.6.1)
    require_all (2.0.0)

PLATFORMS
  ruby

DEPENDENCIES
  colorize (~> 0.8.1)
  docopt (~> 0.6.1)
  require_all (~> 2.0)

BUNDLED WITH
   2.0.2
